PATH
  remote: .
  specs:
    hud (0.0.1)
      linguistics
      msgpack
      sdbm

GEM
  remote: https://rubygems.org/
  specs:
    coderay (1.1.3)
    diff-lcs (1.5.0)
    linguistics (2.1.0)
      loggability (~> 0.11)
    loggability (0.18.2)
    method_source (1.0.0)
    msgpack (1.7.2)
    pry (0.14.2)
      coderay (~> 1.1)
      method_source (~> 1.0)
    rake (10.5.0)
    rspec (3.12.0)
      rspec-core (~> 3.12.0)
      rspec-expectations (~> 3.12.0)
      rspec-mocks (~> 3.12.0)
    rspec-core (3.12.2)
      rspec-support (~> 3.12.0)
    rspec-expectations (3.12.3)
      diff-lcs (>= 1.2.0, < 2.0)
      rspec-support (~> 3.12.0)
    rspec-mocks (3.12.6)
      diff-lcs (>= 1.2.0, < 2.0)
      rspec-support (~> 3.12.0)
    rspec-support (3.12.1)
    sdbm (1.0.0)

PLATFORMS
  arm64-darwin-22

DEPENDENCIES
  bundler
  hud!
  pry
  rake (~> 10.0)
  rspec (~> 3.0)

BUNDLED WITH
   2.4.19
