GIT
  remote: https://gitlab.com/dekubu/hud
  revision: 1c08947cb6ab0c411c80967396d326fe466b7371
  specs:
    hud (0.0.3)
      linguistics
      msgpack
      rack-app
      rack-app-front_end
      sdbm

GEM
  remote: https://rubygems.org/
  specs:
    linguistics (2.1.0)
      loggability (~> 0.11)
    loggability (0.18.2)
    msgpack (1.7.2)
    nio4r (2.5.9)
    puma (6.3.1)
      nio4r (~> 2.0)
    rack (3.0.8)
    rack-app (11.0.2)
      rack (>= 3.0.0)
      rackup
    rack-app-front_end (0.22.2)
      rack-app (>= 6.3.1)
      tilt
    rackup (2.1.0)
      rack (>= 3)
      webrick (~> 1.8)
    sdbm (1.0.0)
    tilt (2.3.0)
    webrick (1.8.1)

PLATFORMS
  arm64-darwin-22

DEPENDENCIES
  hud!
  puma (~> 6.3)

BUNDLED WITH
   2.4.17
